PATH
  remote: .
  specs:
    anyqueue (0.0.1)
      echoe
      uuidtools (>= 1.0.4)

GEM
  remote: https://rubygems.org/
  specs:
    allison (2.0.3)
    echoe (4.6.3)
      allison (>= 2.0.3)
      gemcutter (>= 0.7.0)
      rake (>= 0.9.2)
      rdoc (>= 3.6.1)
      rubyforge (>= 2.0.4)
    gemcutter (0.7.1)
    json_pure (1.8.0)
    rake (10.0.4)
    rdoc (6.3.2)
    rubyforge (2.0.4)
      json_pure (>= 1.1.7)
    uuidtools (2.1.4)

PLATFORMS
  ruby

DEPENDENCIES
  anyqueue!
  bundler (~> 1.3)
  rake
